GEM
  remote: https://rubygems.org/
  specs:
    byebug (10.0.2)
    coderay (1.1.2)
    ffi (1.9.25)
    hobby (0.1.2)
      rack
    hobby-cors (0.0.0)
      rack
    method_source (0.9.0)
    pry (0.11.3)
      coderay (~> 1.1.0)
      method_source (~> 0.9.0)
    pry-byebug (3.6.0)
      byebug (~> 10.0)
      pry (~> 0.10)
    puma (3.11.4)
    rack (2.0.5)
    rbnacl (5.0.0)
      ffi

PLATFORMS
  ruby

DEPENDENCIES
  hobby
  hobby-cors
  pry
  pry-byebug
  puma
  rbnacl

BUNDLED WITH
   1.16.1
